PATH
  remote: .
  specs:
    intergrala (0.0.1)

GEM
  remote: https://rubygems.org/
  specs:
    colorize (0.7.5)
    json (1.8.2)
    open4 (1.3.4)
    rack (1.6.0)
    rack-protection (1.5.3)
      rack
    rake (10.4.2)
    sinatra (1.4.5)
      rack (~> 1.4)
      rack-protection (~> 1.4)
      tilt (~> 1.3, >= 1.3.4)
    tilt (1.4.1)

PLATFORMS
  ruby

DEPENDENCIES
  bundler (~> 1.7)
  colorize
  intergrala!
  json
  open4
  rake (~> 10.0)
  sinatra
